PATH
  remote: .
  specs:
    coinmarketcap-wrapper (0.2.0)
      api_cache (~> 0.3.0)
      json (~> 2.1)
      memcached (~> 1.8)
      moneta (~> 1.0)

GEM
  remote: https://rubygems.org/
  specs:
    addressable (2.5.2)
      public_suffix (>= 2.0.2, < 4.0)
    api_cache (0.3.0)
    crack (0.4.3)
      safe_yaml (~> 1.0.0)
    hashdiff (0.3.7)
    json (2.1.0)
    memcached (1.8.0)
    minitest (5.10.3)
    moneta (1.0.0)
    public_suffix (3.0.1)
    rake (10.5.0)
    safe_yaml (1.0.4)
    vcr (3.0.3)
    webmock (3.1.1)
      addressable (>= 2.3.6)
      crack (>= 0.3.2)
      hashdiff

PLATFORMS
  ruby

DEPENDENCIES
  bundler (~> 1.16)
  coinmarketcap-wrapper!
  minitest (~> 5.0)
  rake (~> 10.0)
  vcr (~> 3.0, >= 3.0.3)
  webmock (~> 3.1, >= 3.1.1)

BUNDLED WITH
   1.16.0
